{
	"ECGChannelCount":0,
	"EEGChannelCount":20,
	"EEGReference":"average",
	"EMGChannelCount":0,
	"EOGChannelCount":0,
	"InstitutionName":"Great Ormond Street Hospital",
	"InstitutionalDepartmentName":"Department of Clinical Neurophysiology",
	"MiscChannelCount":255,
	"PowerLineFrequency":50,
	"RecordingDuration":3651.875,
	"SamplingFrequency":2048,
	"TaskDescription":"Spontaneous activity during daytime hours",
	"TaskName":"spont",
	"TriggerChannelCount":1
}
